GEM
  remote: https://rubygems.org/
  specs:
    cpf_cnpj (0.5.0)
    os (1.1.1)

PLATFORMS
  ruby

DEPENDENCIES
  cpf_cnpj (~> 0.5.0)
  os

BUNDLED WITH
   2.1.4
